GEM
  remote: https://rubygems.org/
  specs:
    backports (3.10.3)
    builder (3.2.3)
    childprocess (0.8.0)
      ffi (~> 1.0, >= 1.0.11)
    cucumber (3.1.0)
      builder (>= 2.1.2)
      cucumber-core (~> 3.1.0)
      cucumber-expressions (~> 5.0.4)
      cucumber-wire (~> 0.0.1)
      diff-lcs (~> 1.3)
      gherkin (~> 5.0)
      multi_json (>= 1.7.5, < 2.0)
      multi_test (>= 0.1.2)
    cucumber-core (3.1.0)
      backports (>= 3.8.0)
      cucumber-tag_expressions (~> 1.1.0)
      gherkin (>= 5.0.0)
    cucumber-expressions (5.0.7)
    cucumber-tag_expressions (1.1.1)
    cucumber-wire (0.0.1)
    diff-lcs (1.3)
    ffi (1.9.18)
    gherkin (5.0.0)
    mini_portile2 (2.3.0)
    multi_json (1.12.2)
    multi_test (0.1.2)
    nokogiri (1.8.1)
      mini_portile2 (~> 2.3.0)
    roo (2.7.1)
      nokogiri (~> 1)
      rubyzip (~> 1.1, < 2.0.0)
    roo-xls (1.1.0)
      nokogiri
      roo (>= 2.0.0beta1, < 3)
      spreadsheet (> 0.9.0)
    rspec-expectations (3.7.0)
      diff-lcs (>= 1.2.0, < 2.0)
      rspec-support (~> 3.7.0)
    rspec-support (3.7.0)
    ruby-ole (1.2.12.1)
    rubyzip (1.2.1)
    selenium-webdriver (3.8.0)
      childprocess (~> 0.5)
      rubyzip (~> 1.0)
    simple-spreadsheet (0.5.0)
      roo (~> 2.4)
      roo-xls (~> 1.0)
    spreadsheet (1.1.5)
      ruby-ole (>= 1.0)

PLATFORMS
  ruby

DEPENDENCIES
  cucumber
  rspec-expectations
  selenium-webdriver
  simple-spreadsheet

BUNDLED WITH
   1.16.0
